PATH
  remote: .
  specs:
    pagemunch (0.0.1)
      faraday
      faraday_middleware

GEM
  remote: https://rubygems.org/
  specs:
    faraday (0.9.2)
      multipart-post (>= 1.2, < 3)
    faraday_middleware (0.10.0)
      faraday (>= 0.7.4, < 0.10)
    multipart-post (2.0.0)

PLATFORMS
  ruby

DEPENDENCIES
  pagemunch!

BUNDLED WITH
   1.11.2
